GEM
  remote: https://rubygems.org/
  specs:
    Ascii85 (2.0.1)
    actioncable (8.0.1)
      actionpack (= 8.0.1)
      activesupport (= 8.0.1)
      nio4r (~> 2.0)
      websocket-driver (>= 0.6.1)
      zeitwerk (~> 2.6)
    actionmailbox (8.0.1)
      actionpack (= 8.0.1)
      activejob (= 8.0.1)
      activerecord (= 8.0.1)
      activestorage (= 8.0.1)
      activesupport (= 8.0.1)
      mail (>= 2.8.0)
    actionmailer (8.0.1)
      actionpack (= 8.0.1)
      actionview (= 8.0.1)
      activejob (= 8.0.1)
      activesupport (= 8.0.1)
      mail (>= 2.8.0)
      rails-dom-testing (~> 2.2)
    actionpack (8.0.1)
      actionview (= 8.0.1)
      activesupport (= 8.0.1)
      nokogiri (>= 1.8.5)
      rack (>= 2.2.4)
      rack-session (>= 1.0.1)
      rack-test (>= 0.6.3)
      rails-dom-testing (~> 2.2)
      rails-html-sanitizer (~> 1.6)
      useragent (~> 0.16)
    actiontext (8.0.1)
      actionpack (= 8.0.1)
      activerecord (= 8.0.1)
      activestorage (= 8.0.1)
      activesupport (= 8.0.1)
      globalid (>= 0.6.0)
      nokogiri (>= 1.8.5)
    actionview (8.0.1)
      activesupport (= 8.0.1)
      builder (~> 3.1)
      erubi (~> 1.11)
      rails-dom-testing (~> 2.2)
      rails-html-sanitizer (~> 1.6)
    activeadmin (4.0.0.beta15)
      arbre (~> 2.0)
      csv
      formtastic (>= 3.1)
      formtastic_i18n (>= 0.4)
      inherited_resources (~> 2.0)
      kaminari (>= 1.2.1)
      railties (>= 7.0)
      ransack (>= 4.0)
    activejob (8.0.1)
      activesupport (= 8.0.1)
      globalid (>= 0.3.6)
    activemodel (8.0.1)
      activesupport (= 8.0.1)
    activerecord (8.0.1)
      activemodel (= 8.0.1)
      activesupport (= 8.0.1)
      timeout (>= 0.4.0)
    activestorage (8.0.1)
      actionpack (= 8.0.1)
      activejob (= 8.0.1)
      activerecord (= 8.0.1)
      activesupport (= 8.0.1)
      marcel (~> 1.0)
    activesupport (8.0.1)
      base64
      benchmark (>= 0.3)
      bigdecimal
      concurrent-ruby (~> 1.0, >= 1.3.1)
      connection_pool (>= 2.2.5)
      drb
      i18n (>= 1.6, < 2)
      logger (>= 1.4.2)
      minitest (>= 5.1)
      securerandom (>= 0.3)
      tzinfo (~> 2.0, >= 2.0.5)
      uri (>= 0.13.1)
    acts_as_list (1.2.4)
      activerecord (>= 6.1)
      activesupport (>= 6.1)
    addressable (2.8.7)
      public_suffix (>= 2.0.2, < 7.0)
    afm (0.2.2)
    appsignal (4.3.3)
      logger
      rack
    arbre (2.1.0)
      activesupport (>= 7.0)
    ast (2.4.2)
    async (2.21.1)
      console (~> 1.29)
      fiber-annotation
      io-event (~> 1.6, >= 1.6.5)
    async-http (0.86.0)
      async (>= 2.10.2)
      async-pool (~> 0.9)
      io-endpoint (~> 0.14)
      io-stream (~> 0.6)
      metrics (~> 0.12)
      protocol-http (~> 0.43)
      protocol-http1 (>= 0.28.1)
      protocol-http2 (~> 0.22)
      traces (~> 0.10)
    async-pool (0.10.2)
      async (>= 1.25)
      traces
    async-rest (0.19.1)
      async-http (~> 0.42)
      protocol-http (~> 0.45)
    bank-contact (0.0.6)
    base64 (0.2.0)
    bcrypt (3.1.20)
    bcrypt_pbkdf (1.1.1)
    bcrypt_pbkdf (1.1.1-arm64-darwin)
    benchmark (0.4.0)
    bigdecimal (3.1.9)
    bindex (0.8.1)
    bootsnap (1.18.4)
      msgpack (~> 1.2)
    brakeman (7.0.0)
      racc
    builder (3.3.0)
    camt_parser (2.18.0)
      bigdecimal
      nokogiri
    cancancan (3.6.1)
    capybara (3.40.0)
      addressable
      matrix
      mini_mime (>= 0.1.3)
      nokogiri (~> 1.11)
      rack (>= 1.6.0)
      rack-test (>= 0.6.3)
      regexp_parser (>= 1.5, < 3.0)
      xpath (~> 3.2)
    capybara-email (3.0.2)
      capybara (>= 2.4, < 4.0)
      mail
    childprocess (5.1.0)
      logger (~> 1.5)
    chunky_png (1.4.0)
    cld (0.13.0)
      ffi
    cloudflare (4.4.0)
      async-rest (~> 0.18)
    cloudflare-rails (6.2.0)
      actionpack (>= 7.1.0, < 8.1.0)
      activesupport (>= 7.1.0, < 8.1.0)
      railties (>= 7.1.0, < 8.1.0)
      zeitwerk (>= 2.5.0)
    cmdparse (3.0.7)
    cmxl (2.1)
      rchardet
    concurrent-ruby (1.3.5)
    connection_pool (2.5.0)
    console (1.29.2)
      fiber-annotation
      fiber-local (~> 1.1)
      json
    countries (7.1.0)
      unaccent (~> 0.3)
    crass (1.0.6)
    css_parser (1.21.0)
      addressable
    csv (3.3.2)
    date (3.4.1)
    date_validator (0.12.0)
      activemodel (>= 3)
      activesupport (>= 3)
    debug (1.10.0)
      irb (~> 1.10)
      reline (>= 0.3.8)
    difftastic (0.2.0)
    difftastic (0.2.0-arm64-darwin)
    difftastic (0.2.0-x86_64-linux)
    discard (1.4.0)
      activerecord (>= 4.2, < 9.0)
    domain_name (0.6.20240107)
    dotenv (3.1.7)
    drb (2.2.1)
    ed25519 (1.3.0)
    epics (2.7.0)
      faraday (>= 1.10.0)
      i18n (>= 1.1.0)
      nokogiri (>= 1.16.7)
      rexml (>= 3.3.7)
      rubyzip (>= 2.3.2)
    erubi (1.13.1)
    et-orbi (1.2.11)
      tzinfo
    faker (3.5.1)
      i18n (>= 1.8.11, < 2)
    faraday (2.12.2)
      faraday-net_http (>= 2.0, < 3.5)
      json
      logger
    faraday-cookie_jar (0.0.7)
      faraday (>= 0.8.0)
      http-cookie (~> 1.0.0)
    faraday-net_http (3.4.0)
      net-http (>= 0.5.0)
    ffi (1.17.1)
    ffi (1.17.1-aarch64-linux-gnu)
    ffi (1.17.1-arm64-darwin)
    ffi (1.17.1-x86_64-linux-gnu)
    fiber-annotation (0.2.0)
    fiber-local (1.1.0)
      fiber-storage
    fiber-storage (1.0.0)
    formtastic (5.0.0)
      actionpack (>= 6.0.0)
    formtastic_i18n (0.7.0)
    fugit (1.11.1)
      et-orbi (~> 1, >= 1.2.11)
      raabro (~> 1.4)
    geom2d (0.4.1)
    girocode (0.2.0)
      bank-contact
      rqrcode
    globalid (1.2.1)
      activesupport (>= 6.1)
    has_scope (0.8.2)
      actionpack (>= 5.2)
      activesupport (>= 5.2)
    hashery (2.1.2)
    hexapdf (1.1.1)
      cmdparse (~> 3.0, >= 3.0.3)
      geom2d (~> 0.4, >= 0.4.1)
      openssl (>= 2.2.1)
      strscan (>= 3.1.2)
    htmlentities (4.3.4)
    http-cookie (1.0.8)
      domain_name (~> 0.5)
    i18n (1.14.7)
      concurrent-ruby (~> 1.0)
    i18n-backend-side_by_side (1.3.0)
      activesupport (>= 6.0.0)
      i18n (>= 1.10.0)
    icalendar (2.10.3)
      ice_cube (~> 0.16)
      ostruct
    ice_cube (0.17.0)
    image_processing (1.13.0)
      mini_magick (>= 4.9.5, < 5)
      ruby-vips (>= 2.0.17, < 3)
    importmap-rails (2.1.0)
      actionpack (>= 6.0.0)
      activesupport (>= 6.0.0)
      railties (>= 6.0.0)
    inherited_resources (2.1.0)
      actionpack (>= 7.0)
      has_scope (>= 0.6)
      railties (>= 7.0)
      responders (>= 2)
    io-console (0.8.0)
    io-endpoint (0.14.0)
    io-event (1.7.5)
    io-stream (0.6.1)
    irb (1.15.1)
      pp (>= 0.6.0)
      rdoc (>= 4.0.0)
      reline (>= 0.4.2)
    json (2.9.1)
    kamal (2.4.0)
      activesupport (>= 7.0)
      base64 (~> 0.2)
      bcrypt_pbkdf (~> 1.0)
      concurrent-ruby (~> 1.2)
      dotenv (~> 3.1)
      ed25519 (~> 1.2)
      net-ssh (~> 7.3)
      sshkit (>= 1.23.0, < 2.0)
      thor (~> 1.3)
      zeitwerk (>= 2.6.18, < 3.0)
    kaminari (1.2.2)
      activesupport (>= 4.1.0)
      kaminari-actionview (= 1.2.2)
      kaminari-activerecord (= 1.2.2)
      kaminari-core (= 1.2.2)
    kaminari-actionview (1.2.2)
      actionview
      kaminari-core (= 1.2.2)
    kaminari-activerecord (1.2.2)
      activerecord
      kaminari-core (= 1.2.2)
    kaminari-core (1.2.2)
    kramdown (2.5.1)
      rexml (>= 3.3.9)
    language_server-protocol (3.17.0.4)
    launchy (3.1.0)
      addressable (~> 2.8)
      childprocess (~> 5.0)
      logger (~> 1.6)
    letter_opener (1.10.0)
      launchy (>= 2.2, < 4)
    liquid (5.7.1)
      bigdecimal
      strscan (>= 3.1.1)
    litestream (0.12.0)
      actionpack (>= 7.0)
      actionview (>= 7.0)
      activejob (>= 7.0)
      activesupport (>= 7.0)
      logfmt (>= 0.0.10)
      railties (>= 7.0)
      sqlite3
    litestream (0.12.0-arm64-darwin)
      actionpack (>= 7.0)
      actionview (>= 7.0)
      activejob (>= 7.0)
      activesupport (>= 7.0)
      logfmt (>= 0.0.10)
      railties (>= 7.0)
      sqlite3
    litestream (0.12.0-x86_64-linux)
      actionpack (>= 7.0)
      actionview (>= 7.0)
      activejob (>= 7.0)
      activesupport (>= 7.0)
      logfmt (>= 0.0.10)
      railties (>= 7.0)
      sqlite3
    logfmt (0.0.10)
    logger (1.6.5)
    lograge (0.14.0)
      actionpack (>= 4)
      activesupport (>= 4)
      railties (>= 4)
      request_store (~> 1.0)
    loofah (2.24.0)
      crass (~> 1.0.2)
      nokogiri (>= 1.12.0)
    mail (2.8.1)
      mini_mime (>= 0.1.1)
      net-imap
      net-pop
      net-smtp
    marcel (1.0.4)
    matrix (0.4.2)
    metrics (0.12.1)
    mini_magick (4.13.2)
    mini_mime (1.1.5)
    mini_portile2 (2.8.8)
    minitest (5.25.4)
    minitest-difftastic (0.1.2)
      difftastic (~> 0.2)
    mission_control-jobs (1.0.1)
      actioncable (>= 7.1)
      actionpack (>= 7.1)
      activejob (>= 7.1)
      activerecord (>= 7.1)
      importmap-rails (>= 1.2.1)
      irb (~> 1.13)
      railties (>= 7.1)
      stimulus-rails
      turbo-rails
    msgpack (1.7.5)
    net-http (0.6.0)
      uri
    net-imap (0.5.5)
      date
      net-protocol
    net-pop (0.1.2)
      net-protocol
    net-protocol (0.2.2)
      timeout
    net-scp (4.1.0)
      net-ssh (>= 2.6.5, < 8.0.0)
    net-sftp (4.0.0)
      net-ssh (>= 5.0.0, < 8.0.0)
    net-smtp (0.5.0)
      net-protocol
    net-ssh (7.3.0)
    nio4r (2.7.4)
    nokogiri (1.18.2)
      mini_portile2 (~> 2.8.2)
      racc (~> 1.4)
    nokogiri (1.18.2-aarch64-linux-gnu)
      racc (~> 1.4)
    nokogiri (1.18.2-arm64-darwin)
      racc (~> 1.4)
    nokogiri (1.18.2-x86_64-linux-gnu)
      racc (~> 1.4)
    openssl (3.3.0)
    ostruct (0.6.1)
    parallel (1.26.3)
    parser (3.3.7.0)
      ast (~> 2.4.1)
      racc
    pdf-core (0.9.0)
    pdf-inspector (1.3.0)
      pdf-reader (>= 1.0, < 3.0.a)
    pdf-reader (2.13.0)
      Ascii85 (>= 1.0, < 3.0, != 2.0.0)
      afm (~> 0.2.1)
      hashery (~> 2.0)
      ruby-rc4
      ttfunk
    phony (2.21.1)
    phony_rails (0.15.0)
      activesupport (>= 3.0)
      phony (>= 2.18.12)
    postmark (1.25.1)
      json
    postmark-rails (0.22.1)
      actionmailer (>= 3.0.0)
      postmark (>= 1.21.3, < 2.0)
    pp (0.6.2)
      prettyprint
    prawn (2.4.0)
      pdf-core (~> 0.9.0)
      ttfunk (~> 1.7)
    prawn-svg (0.36.1)
      css_parser (~> 1.6)
      matrix (~> 0.4.2)
      prawn (>= 0.11.1, < 3)
      rexml (>= 3.3.9, < 4)
    prawn-table (0.2.2)
      prawn (>= 1.3.0, < 3.0.0)
    premailer (1.27.0)
      addressable
      css_parser (>= 1.19.0)
      htmlentities (>= 4.0.0)
    premailer-rails (1.12.0)
      actionmailer (>= 3)
      net-smtp
      premailer (~> 1.7, >= 1.7.9)
    prettyprint (0.2.0)
    prism (1.3.0)
    propshaft (1.1.0)
      actionpack (>= 7.0.0)
      activesupport (>= 7.0.0)
      rack
      railties (>= 7.0.0)
    protocol-hpack (1.5.1)
    protocol-http (0.48.0)
    protocol-http1 (0.29.0)
      protocol-http (~> 0.22)
    protocol-http2 (0.22.0)
      protocol-hpack (~> 1.4)
      protocol-http (~> 0.18)
    psych (5.2.3)
      date
      stringio
    public_suffix (6.0.1)
    puma (6.5.0)
      nio4r (~> 2.0)
    raabro (1.4.0)
    racc (1.8.1)
    rack (3.1.8)
    rack-cors (2.0.2)
      rack (>= 2.0.0)
    rack-session (2.1.0)
      base64 (>= 0.1.0)
      rack (>= 3.0.0)
    rack-status (1.0.0)
    rack-test (2.2.0)
      rack (>= 1.3)
    rackup (2.2.1)
      rack (>= 3)
    rails (8.0.1)
      actioncable (= 8.0.1)
      actionmailbox (= 8.0.1)
      actionmailer (= 8.0.1)
      actionpack (= 8.0.1)
      actiontext (= 8.0.1)
      actionview (= 8.0.1)
      activejob (= 8.0.1)
      activemodel (= 8.0.1)
      activerecord (= 8.0.1)
      activestorage (= 8.0.1)
      activesupport (= 8.0.1)
      bundler (>= 1.15.0)
      railties (= 8.0.1)
    rails-dom-testing (2.2.0)
      activesupport (>= 5.0.0)
      minitest
      nokogiri (>= 1.6)
    rails-html-sanitizer (1.6.2)
      loofah (~> 2.21)
      nokogiri (>= 1.15.7, != 1.16.7, != 1.16.6, != 1.16.5, != 1.16.4, != 1.16.3, != 1.16.2, != 1.16.1, != 1.16.0.rc1, != 1.16.0)
    rails-i18n (8.0.1)
      i18n (>= 0.7, < 2)
      railties (>= 8.0.0, < 9)
    rails_icons (1.1.0)
      nokogiri (~> 1.16, >= 1.16.4)
      rails (> 6.1)
    railties (8.0.1)
      actionpack (= 8.0.1)
      activesupport (= 8.0.1)
      irb (~> 1.13)
      rackup (>= 1.0.0)
      rake (>= 12.2)
      thor (~> 1.0, >= 1.2.2)
      zeitwerk (~> 2.6)
    rainbow (3.1.1)
    rake (13.2.1)
    ransack (4.2.1)
      activerecord (>= 6.1.5)
      activesupport (>= 6.1.5)
      i18n
    rbs (3.8.1)
      logger
    rchardet (1.9.0)
    rdoc (6.11.0)
      psych (>= 4.0.0)
    regexp_parser (2.10.0)
    reline (0.6.0)
      io-console (~> 0.5)
    request_store (1.7.0)
      rack (>= 1.4)
    resolv (0.6.0)
    responders (3.1.1)
      actionpack (>= 5.2)
      railties (>= 5.2)
    rexml (3.4.0)
    rqrcode (2.2.0)
      chunky_png (~> 1.0)
      rqrcode_core (~> 1.0)
    rqrcode_core (1.2.0)
    rubocop (1.71.0)
      json (~> 2.3)
      language_server-protocol (>= 3.17.0)
      parallel (~> 1.10)
      parser (>= 3.3.0.2)
      rainbow (>= 2.2.2, < 4.0)
      regexp_parser (>= 2.9.3, < 3.0)
      rubocop-ast (>= 1.36.2, < 2.0)
      ruby-progressbar (~> 1.7)
      unicode-display_width (>= 2.4.0, < 4.0)
    rubocop-ast (1.38.0)
      parser (>= 3.3.1.0)
    rubocop-minitest (0.36.0)
      rubocop (>= 1.61, < 2.0)
      rubocop-ast (>= 1.31.1, < 2.0)
    rubocop-performance (1.23.1)
      rubocop (>= 1.48.1, < 2.0)
      rubocop-ast (>= 1.31.1, < 2.0)
    rubocop-rails (2.29.1)
      activesupport (>= 4.2.0)
      rack (>= 1.1)
      rubocop (>= 1.52.0, < 2.0)
      rubocop-ast (>= 1.31.1, < 2.0)
    rubocop-rails-omakase (1.0.0)
      rubocop
      rubocop-minitest
      rubocop-performance
      rubocop-rails
    rubocop-slim (0.2.8)
      rubocop (~> 1.45)
      slimi (~> 0.7)
    ruby-lsp (0.23.6)
      language_server-protocol (~> 3.17.0)
      prism (>= 1.2, < 2.0)
      rbs (>= 3, < 4)
      sorbet-runtime (>= 0.5.10782)
    ruby-lsp-rails (0.3.31)
      ruby-lsp (>= 0.23.0, < 0.24.0)
    ruby-progressbar (1.13.0)
    ruby-rc4 (0.1.5)
    ruby-vips (2.2.2)
      ffi (~> 1.12)
      logger
    rubyXL (3.4.33)
      nokogiri (>= 1.10.8)
      rubyzip (>= 1.3.0)
    rubyzip (2.4.1)
    securerandom (0.4.1)
    simple_form (5.3.1)
      actionpack (>= 5.2)
      activemodel (>= 5.2)
    simpleidn (0.2.3)
    slim (5.2.1)
      temple (~> 0.10.0)
      tilt (>= 2.1.0)
    slimi (0.7.5)
      temple
      thor
      tilt
    solid_queue (1.1.3)
      activejob (>= 7.1)
      activerecord (>= 7.1)
      concurrent-ruby (>= 1.3.1)
      fugit (~> 1.11.0)
      railties (>= 7.1)
      thor (~> 1.3.1)
    sorbet-runtime (0.5.11784)
    sqlite3 (2.5.0)
      mini_portile2 (~> 2.8.0)
    sqlite3 (2.5.0-aarch64-linux-gnu)
    sqlite3 (2.5.0-arm64-darwin)
    sqlite3 (2.5.0-x86_64-linux-gnu)
    sshkit (1.23.2)
      base64
      net-scp (>= 1.1.2)
      net-sftp (>= 2.1.2)
      net-ssh (>= 2.8.0)
      ostruct
    stimulus-rails (1.3.4)
      railties (>= 6.0.0)
    stringio (3.1.2)
    strscan (3.1.2)
    tailwindcss-rails (3.3.1)
      railties (>= 7.0.0)
      tailwindcss-ruby (~> 3.0)
    tailwindcss-ruby (3.4.17)
    tailwindcss-ruby (3.4.17-aarch64-linux)
    tailwindcss-ruby (3.4.17-arm64-darwin)
    tailwindcss-ruby (3.4.17-x86_64-linux)
    temple (0.10.3)
    terminal-table (4.0.0)
      unicode-display_width (>= 1.1.1, < 4)
    thor (1.3.2)
    thruster (0.1.10)
    thruster (0.1.10-aarch64-linux)
    thruster (0.1.10-arm64-darwin)
    thruster (0.1.10-x86_64-linux)
    tilt (2.6.0)
    timeout (0.4.3)
    tod (3.1.2)
    traces (0.14.1)
    truemail (3.3.1)
      simpleidn (~> 0.2.1)
    ttfunk (1.7.0)
    turbo-rails (2.0.11)
      actionpack (>= 6.0.0)
      railties (>= 6.0.0)
    tzinfo (2.0.6)
      concurrent-ruby (~> 1.0)
    unaccent (0.4.0)
    unicode-display_width (3.1.4)
      unicode-emoji (~> 4.0, >= 4.0.4)
    unicode-emoji (4.0.4)
    uri (1.0.2)
    user_agent_parser (2.18.0)
    useragent (0.16.11)
    web-console (4.2.1)
      actionview (>= 6.0.0)
      activemodel (>= 6.0.0)
      bindex (>= 0.4.0)
      railties (>= 6.0.0)
    websocket-driver (0.7.7)
      base64
      websocket-extensions (>= 0.1.0)
    websocket-extensions (0.1.5)
    xpath (3.2.0)
      nokogiri (~> 1.8)
    zeitwerk (2.7.1)

PLATFORMS
  aarch64-linux
  arm64-darwin
  ruby
  x86_64-linux-gnu

DEPENDENCIES
  activeadmin (~> 4.0.0.beta15)
  acts_as_list
  appsignal
  bcrypt
  bootsnap
  brakeman
  camt_parser
  cancancan
  capybara
  capybara-email
  cld
  cloudflare
  cloudflare-rails
  cmxl
  countries
  date_validator
  debug
  discard
  dotenv
  epics
  faker
  faraday
  faraday-cookie_jar
  girocode
  hexapdf
  i18n-backend-side_by_side
  icalendar
  image_processing
  importmap-rails
  kamal
  kramdown
  letter_opener
  liquid
  litestream
  lograge
  minitest-difftastic
  mission_control-jobs
  nokogiri
  parallel
  pdf-core (= 0.9.0)
  pdf-inspector
  phony_rails
  postmark-rails
  prawn (= 2.4.0)
  prawn-svg
  prawn-table
  premailer-rails
  propshaft
  public_suffix
  puma
  rack-cors
  rack-status
  rails (~> 8.0)
  rails-i18n
  rails_icons
  resolv
  rexml
  rqrcode
  rubocop-rails-omakase
  rubocop-slim
  ruby-lsp-rails
  rubyXL
  rubyzip
  simple_form
  slim
  solid_queue
  sqlite3
  stimulus-rails
  stringio
  tailwindcss-rails
  tailwindcss-ruby (~> 3.4)
  terminal-table
  thruster
  tod
  truemail
  ttfunk (= 1.7.0)
  turbo-rails
  user_agent_parser
  web-console

CHECKSUMS
  Ascii85 (2.0.1) sha256=15cb5d941808543cbb9e7e6aea3c8ec3877f154c3461e8b3673e97f7ecedbe5a
  actioncable (8.0.1) sha256=808bff2a4e3aba36f66f0cd65d7a1579ad52fb65e99304442c46051a79689d9b
  actionmailbox (8.0.1) sha256=bbc7db779be857fb6eb5b53f313d3881cd8cda38a150c3aa25f89f2f9977b08c
  actionmailer (8.0.1) sha256=7b074e9590e4ec5cebd2fc91d1f9ba4c61bbd4bbd4376f731527da187cd39952
  actionpack (8.0.1) sha256=c764e4bfc0ad9d3505c09ef9b6fbf9eca4292793550c6b7e2ea93167181bfcba
  actiontext (8.0.1) sha256=f232d303e854db2098f34d7331fe493a72dc2e53dfce80fbd517c7b93d4b05b2
  actionview (8.0.1) sha256=3005e3de5ca49ea789bf1ad46002d63fe5aa543c61c341239d3c533757e64f8a
  activeadmin (4.0.0.beta15) sha256=151777a8f5045c53ddae0b7d06da40c4861657804d3bf93224b5c69d68d316b7
  activejob (8.0.1) sha256=95acd9a32d498d3a458efbb317f6191fb678758cde0ebb6c68f0b25e0fe3477f
  activemodel (8.0.1) sha256=f46292fd6dcc128e18d588854298a933fd9eb22544c412b414ec02821062dc78
  activerecord (8.0.1) sha256=34a7f0610660bb704f0363025d4b8d35ffe8ddc8f5b8147e0809171f724b5306
  activestorage (8.0.1) sha256=91a8f156638568fac971ff25962a617d9c58fdc0e44eb6bd0edff36aff7df205
  activesupport (8.0.1) sha256=fd5bc74641c24ac3541055c2879789198ff42adee3e39c2933289ba008912e37
  acts_as_list (1.2.4) sha256=5e6ed695f1879d66ae7d8eb1625a72db215a26a9c8ec0047b866a80883ea5651
  addressable (2.8.7) sha256=462986537cf3735ab5f3c0f557f14155d778f4b43ea4f485a9deb9c8f7c58232
  afm (0.2.2) sha256=c83e698e759ab0063331ff84ca39c4673b03318f4ddcbe8e90177dd01e4c721a
  appsignal (4.3.3) sha256=81759f0d63756c16068c05156ba41a1efb75aa532599996e9fb97fa4e6419788
  arbre (2.1.0) sha256=d1aee12be534a94748dbd783d772771c5067147fceb58f3ffb405937d09ed0c0
  ast (2.4.2) sha256=1e280232e6a33754cde542bc5ef85520b74db2aac73ec14acef453784447cc12
  async (2.21.1) sha256=5d60f69cede1c493870b5d70488eaf5792bacf3d92495c730c5bf7ffc231589d
  async-http (0.86.0) sha256=4d9bf3f3fd58160caeb734b1bd543972e4e634dabab4eb9b084d42efee724d30
  async-pool (0.10.2) sha256=26e7b24ec6ad23f23a0086610b2d41e9e27f44cd2b82bc8a3b350bd99c8f35ac
  async-rest (0.19.1) sha256=0f3545f5c43992604c83ffc8273f8e8ace3b055bfec23c5d4cc638b8e974c87f
  bank-contact (0.0.6) sha256=498891f74b6c63312de2a2bc71d79d53e589f04425838329c386cb5351ff64f0
  base64 (0.2.0) sha256=0f25e9b21a02a0cc0cea8ef92b2041035d39350946e8789c562b2d1a3da01507
  bcrypt (3.1.20) sha256=8410f8c7b3ed54a3c00cd2456bf13917d695117f033218e2483b2e40b0784099
  bcrypt_pbkdf (1.1.1) sha256=2f9077dde837d1f0dd2eb0f9e5327c6871c68ebc8eba88870fb6b7956e1e2b13
  bcrypt_pbkdf (1.1.1-arm64-darwin) sha256=f35a468372a182b363086d810f6f7ee62d6ea55efbf04eb2374290c30ee4c7ef
  benchmark (0.4.0) sha256=0f12f8c495545e3710c3e4f0480f63f06b4c842cc94cec7f33a956f5180e874a
  bigdecimal (3.1.9) sha256=2ffc742031521ad69c2dfc815a98e426a230a3d22aeac1995826a75dabfad8cc
  bindex (0.8.1) sha256=7b1ecc9dc539ed8bccfc8cb4d2732046227b09d6f37582ff12e50a5047ceb17e
  bootsnap (1.18.4) sha256=ac4c42af397f7ee15521820198daeff545e4c360d2772c601fbdc2c07d92af55
  brakeman (7.0.0) sha256=1a0122b0c70f17519a61548a53a332c0acc19e3aa10b445e15e025a4b13b8577
  builder (3.3.0) sha256=497918d2f9dca528fdca4b88d84e4ef4387256d984b8154e9d5d3fe5a9c8835f
  camt_parser (2.18.0) sha256=0834c4b5511636254ecb86c61620bb97d288318ba20335269b1a5830b0052317
  cancancan (3.6.1) sha256=975c1d5cbf58d5df48a9452a7f61ae3d254608cd87570402f5925a8864c56b62
  capybara (3.40.0) sha256=42dba720578ea1ca65fd7a41d163dd368502c191804558f6e0f71b391054aeef
  capybara-email (3.0.2) sha256=ab65dd9b15c096b1ebe24308d18d790eb08814f916883ebccbc1cf46f760696f
  childprocess (5.1.0) sha256=9a8d484be2fd4096a0e90a0cd3e449a05bc3aa33f8ac9e4d6dcef6ac1455b6ec
  chunky_png (1.4.0) sha256=89d5b31b55c0cf4da3cf89a2b4ebc3178d8abe8cbaf116a1dba95668502fdcfe
  cld (0.13.0) sha256=4269b5741756989e7ebcc5ff78c8c30d53cedfe408eb091d610113d82f3e490c
  cloudflare (4.4.0) sha256=7e0a4a0fb7c301a1fec977dfc303f4b5f2edeafd3f0f25950698b03de118ed81
  cloudflare-rails (6.2.0) sha256=329d7546cf8ea97eaa4bc8c1cf5cc6af48a0a3edfb023d3ca0affb0defabd06d
  cmdparse (3.0.7) sha256=f7c5cace10bec6abf853370ae095e4b97a84ed9d847b3fb38f41cc4fbc950739
  cmxl (2.1) sha256=581e2000a6c566c7f3bca3e997dcdec68dd6db921bb0c4a94702d4702de9c49f
  concurrent-ruby (1.3.5) sha256=813b3e37aca6df2a21a3b9f1d497f8cbab24a2b94cab325bffe65ee0f6cbebc6
  connection_pool (2.5.0) sha256=233b92f8d38e038c1349ccea65dd3772727d669d6d2e71f9897c8bf5cd53ebfc
  console (1.29.2) sha256=afd9b75a1b047059dda22df0e3c0a386e96f50f6752c87c4b00b1a9fcbe77cd6
  countries (7.1.0) sha256=1d219781df672b7b89596ffbf97480a763b474f286a97fb83863b42cd267bc87
  crass (1.0.6) sha256=dc516022a56e7b3b156099abc81b6d2b08ea1ed12676ac7a5657617f012bd45d
  css_parser (1.21.0) sha256=6753f5b8b49dd6d5c6a90f300d5a82af8399c19dbba56d886081740ec7014518
  csv (3.3.2) sha256=6ff0c135e65e485d1864dde6c1703b60d34cc9e19bed8452834a0b28a519bd4e
  date (3.4.1) sha256=bf268e14ef7158009bfeaec40b5fa3c7271906e88b196d958a89d4b408abe64f
  date_validator (0.12.0) sha256=68c9834da240347b9c17441c553a183572508617ebfbe8c020020f3192ce3058
  debug (1.10.0) sha256=11e28ca74875979e612444104f3972bd5ffb9e79179907d7ad46dba44bd2e7a4
  difftastic (0.2.0) sha256=a2f8e59b7ab977bde82848265e1e3caca3bbb5d09a4db64afe137825aaaefa71
  difftastic (0.2.0-arm64-darwin) sha256=4c5f84fcef4b0ae80c5a4caede236c4e846d92bf851b8585aef36055b5458763
  difftastic (0.2.0-x86_64-linux) sha256=fae24be0638b49ec5affeeacbd0531f329e74b0f58aa3c2e781aeee2f11e6c8f
  discard (1.4.0) sha256=6efcd2a53ddf96781f81b825d398f1c88ab88c0faa84e131bea6e16ef95d65d0
  domain_name (0.6.20240107) sha256=5f693b2215708476517479bf2b3802e49068ad82167bcd2286f899536a17d933
  dotenv (3.1.7) sha256=c670df478675d23889e657beaca6fb423228f75ce9f052a0690c0d0daa333cf3
  drb (2.2.1) sha256=e9d472bf785f558b96b25358bae115646da0dbfd45107ad858b0bc0d935cb340
  ed25519 (1.3.0) sha256=514a5584f84d39daac568a17ec93a4e7261e140c52c562ed8c382c18456e627d
  epics (2.7.0) sha256=73079eca42ca744f7543efafb040fa2024aab350f51b4f63f40a6fabe957620a
  erubi (1.13.1) sha256=a082103b0885dbc5ecf1172fede897f9ebdb745a4b97a5e8dc63953db1ee4ad9
  et-orbi (1.2.11) sha256=d26e868cc21db88280a9ec1a50aa3da5d267eb9b2037ba7b831d6c2731f5df64
  faker (3.5.1) sha256=1ad1fbea279d882f486059c23fe3ddb816ccd1d7052c05a45014b4450d859bfc
  faraday (2.12.2) sha256=157339c25c7b8bcb739f5cf1207cb0cefe8fa1c65027266bcbc34c90c84b9ad6
  faraday-cookie_jar (0.0.7) sha256=f3cbbe6f2de3d4028f00a67ae4196b99348a6dc3c065fdae6d3c7123fa8b1402
  faraday-net_http (3.4.0) sha256=a1f1e4cd6a2cf21599c8221595e27582d9936819977bbd4089a601f24c64e54a
  ffi (1.17.1) sha256=26f6b0dbd1101e6ffc09d3ca640b2a21840cc52731ad8a7ded9fb89e5fb0fc39
  ffi (1.17.1-aarch64-linux-gnu) sha256=c5d22cb545a3a691d46060f1343c461d1a8d38c3fd71b96b4cbbe6906bf1fd38
  ffi (1.17.1-arm64-darwin) sha256=a8e04f79d375742c54ee7f9fff4b4022b87200a4ec0eb082128d3b6559e67b4d
  ffi (1.17.1-x86_64-linux-gnu) sha256=8c0ade2a5d19f3672bccfe3b58e016ae5f159e3e2e741c856db87fcf07c903d0
  fiber-annotation (0.2.0) sha256=7abfadf1d119f508867d4103bf231c0354d019cc39a5738945dec2edadaf6c03
  fiber-local (1.1.0) sha256=c885f94f210fb9b05737de65d511136ea602e00c5105953748aa0f8793489f06
  fiber-storage (1.0.0) sha256=b80a323f1e0b95e79b11c1d4df7f654dbe517c11a344c90f2a43dec67ba5ab7f
  formtastic (5.0.0) sha256=71cc99c8227208f64da8d2b0926d97cef1e5f77e0105047cd57fddeccd3a6416
  formtastic_i18n (0.7.0) sha256=ecef51c9e9030c00f19e69d2483b77f4515c9587d74268b76cf4b6e7988c8e78
  fugit (1.11.1) sha256=e89485e7be22226d8e9c6da411664d0660284b4b1c08cacb540f505907869868
  geom2d (0.4.1) sha256=ea0998ea90c4f2752e24fe13d85a4f89bee689d151316140ebcc6369bf634ed9
  girocode (0.2.0) sha256=fbd90d7e4d4e37fe0a06b31ce018a99324f8986511a95c559f0ec118a788a081
  globalid (1.2.1) sha256=70bf76711871f843dbba72beb8613229a49429d1866828476f9c9d6ccc327ce9
  has_scope (0.8.2) sha256=48cd53d684aecd55d3ede060b3c1da37bbbcab58e273d99936e271fe6d125a54
  hashery (2.1.2) sha256=d239cc2310401903f6b79d458c2bbef5bf74c46f3f974ae9c1061fb74a404862
  hexapdf (1.1.1) sha256=72c65ca72cbdb9877c5de17d4fb801985fe7b30bc5e2cab107e61f41fa2c06e1
  htmlentities (4.3.4) sha256=125a73c6c9f2d1b62100b7c3c401e3624441b663762afa7fe428476435a673da
  http-cookie (1.0.8) sha256=b14fe0445cf24bf9ae098633e9b8d42e4c07c3c1f700672b09fbfe32ffd41aa6
  i18n (1.14.7) sha256=ceba573f8138ff2c0915427f1fc5bdf4aa3ab8ae88c8ce255eb3ecf0a11a5d0f
  i18n-backend-side_by_side (1.3.0) sha256=9a48d06549d4d5e4e6640ab66c560ffa4a73883f29a881818810bd30e49f95d8
  icalendar (2.10.3) sha256=0ebfc2672f9fa77b86b4d8c0e25e9b2319aad45a33319fed06d0be8ddd0cd485
  ice_cube (0.17.0) sha256=32deb45dda4b4acc53505c2f581f6d32b5afc04d29b9004769944a0df5a5fcbe
  image_processing (1.13.0) sha256=71cffe2707573b16a4800b10619dc851add8cf9e667931ae900b7cac1d9cdd65
  importmap-rails (2.1.0) sha256=9f10c67d60651a547579f448100d033df311c5d5db578301374aeb774faae741
  inherited_resources (2.1.0) sha256=74f3f1862790fc1066b4eeb354717ddee220f59421fee4cea4bb1c4b775f4603
  io-console (0.8.0) sha256=cd6a9facbc69871d69b2cb8b926fc6ea7ef06f06e505e81a64f14a470fddefa2
  io-endpoint (0.14.0) sha256=51755235ef1aa27f48286f408eb25d7eb14d54d79bd3b3752486f74bbe7f5535
  io-event (1.7.5) sha256=99fbc90dd0f35b3b6a52e52f06fd6e38737017d0d2141c0b9bcab913fa5052e8
  io-stream (0.6.1) sha256=4520f0c1412dfd264e9ab0d363e9aca90a43541850220b47f1ebd5499ad2e96f
  irb (1.15.1) sha256=d9bca745ac4207a8b728a52b98b766ca909b86ff1a504bcde3d6f8c84faae890
  json (2.9.1) sha256=d2bdef4644052fad91c1785d48263756fe32fcac08b96a20bb15840e96550d11
  kamal (2.4.0) sha256=5f62f1858cc15c1506e55b60b075c89a1e7ef9c6bb0a7e3c01b54af190f85181
  kaminari (1.2.2) sha256=c4076ff9adccc6109408333f87b5c4abbda5e39dc464bd4c66d06d9f73442a3e
  kaminari-actionview (1.2.2) sha256=1330f6fc8b59a4a4ef6a549ff8a224797289ebf7a3a503e8c1652535287cc909
  kaminari-activerecord (1.2.2) sha256=0dd3a67bab356a356f36b3b7236bcb81cef313095365befe8e98057dd2472430
  kaminari-core (1.2.2) sha256=3bd26fec7370645af40ca73b9426a448d09b8a8ba7afa9ba3c3e0d39cdbb83ff
  kramdown (2.5.1) sha256=87bbb6abd9d3cebe4fc1f33e367c392b4500e6f8fa19dd61c0972cf4afe7368c
  language_server-protocol (3.17.0.4) sha256=c484626478664fd13482d8180947c50a8590484b1258b99b7aedb3b69df89669
  launchy (3.1.0) sha256=4964ae775cd802f5a57ae5584fbdb1151a8908cb0c626341563430d614a59572
  letter_opener (1.10.0) sha256=2ff33f2e3b5c3c26d1959be54b395c086ca6d44826e8bf41a14ff96fdf1bdbb2
  liquid (5.7.1) sha256=43885019a27ab555bd756c138bfbcf1cce0f23fe9a007af8aa7881d078ff3548
  litestream (0.12.0) sha256=d622732819f3831db537bba88e0e2e453638fa8e18f98d08b821de5cd11ab8ec
  litestream (0.12.0-arm64-darwin) sha256=d48e90167a44f5efe605e7247b4cecddecc8917c04af1c24907943c7f10f4eb1
  litestream (0.12.0-x86_64-linux) sha256=a28a60264fad4151fccd992362a05edee0dd672e6deefee06a00fc4059e509c4
  logfmt (0.0.10) sha256=dd0a66f9a717b3d535963a4c84b3d377c40efadffa68a565253200d13c35d36c
  logger (1.6.5) sha256=c3cfe56d01656490ddd103d38b8993d73d86296adebc5f58cefc9ec03741e56b
  lograge (0.14.0) sha256=42371a75823775f166f727639f5ddce73dd149452a55fc94b90c303213dc9ae1
  loofah (2.24.0) sha256=61e6a710883abb8210887f3dc868cf3ed66594c509d9ff6987621efa6651ee1e
  mail (2.8.1) sha256=ec3b9fadcf2b3755c78785cb17bc9a0ca9ee9857108a64b6f5cfc9c0b5bfc9ad
  marcel (1.0.4) sha256=0d5649feb64b8f19f3d3468b96c680bae9746335d02194270287868a661516a4
  matrix (0.4.2) sha256=71083ccbd67a14a43bfa78d3e4dc0f4b503b9cc18e5b4b1d686dc0f9ef7c4cc0
  metrics (0.12.1) sha256=42ec8eeadb92a57549a72bdd1baf86d4270089bc598917b93cf9cb6f95fcc29c
  mini_magick (4.13.2) sha256=71d6258e0e8a3d04a9a0a09784d5d857b403a198a51dd4f882510435eb95ddd9
  mini_mime (1.1.5) sha256=8681b7e2e4215f2a159f9400b5816d85e9d8c6c6b491e96a12797e798f8bccef
  mini_portile2 (2.8.8) sha256=8e47136cdac04ce81750bb6c09733b37895bf06962554e4b4056d78168d70a75
  minitest (5.25.4) sha256=9cf2cae25ac4dfc90c988ebc3b917f53c054978b673273da1bd20bcb0778f947
  minitest-difftastic (0.1.2) sha256=2d7c5bbfa07c44d3d725439e028274e633c532b4e3f5e20934d4445c3e78da95
  mission_control-jobs (1.0.1) sha256=3bcccd10ed807a0d59c36054bab2be077e3ee37c48b0d67d25e25802cb0d79ca
  msgpack (1.7.5) sha256=ffb04979f51e6406823c03abe50e1da2c825c55a37dee138518cdd09d9d3aea8
  net-http (0.6.0) sha256=9621b20c137898af9d890556848c93603716cab516dc2c89b01a38b894e259fb
  net-imap (0.5.5) sha256=abe6a8932c68269804b0f0b499a0d1972098e7e6b8b61a7c508b127ebde1682a
  net-pop (0.1.2) sha256=848b4e982013c15b2f0382792268763b748cce91c9e91e36b0f27ed26420dff3
  net-protocol (0.2.2) sha256=aa73e0cba6a125369de9837b8d8ef82a61849360eba0521900e2c3713aa162a8
  net-scp (4.1.0) sha256=a99b0b92a1e5d360b0de4ffbf2dc0c91531502d3d4f56c28b0139a7c093d1a5d
  net-sftp (4.0.0) sha256=65bb91c859c2f93b09826757af11b69af931a3a9155050f50d1b06d384526364
  net-smtp (0.5.0) sha256=5fc0415e6ea1cc0b3dfea7270438ec22b278ca8d524986a3ae4e5ae8d087b42a
  net-ssh (7.3.0) sha256=172076c4b30ce56fb25a03961b0c4da14e1246426401b0f89cba1a3b54bf3ef0
  nio4r (2.7.4) sha256=d95dee68e0bb251b8ff90ac3423a511e3b784124e5db7ff5f4813a220ae73ca9
  nokogiri (1.18.2) sha256=93791cfb33186fe077eb9e1b8a6855b5621e328f81f565334572fa398366f8bf
  nokogiri (1.18.2-aarch64-linux-gnu) sha256=74e0f9a7487a30a2957f46c5113d58f836436b033c9906e0bc6fee9d8cdafabf
  nokogiri (1.18.2-arm64-darwin) sha256=8288ec7a296e2510ca9bd053c0c5989f11260f8c07bc3e9afbafa536f7077281
  nokogiri (1.18.2-x86_64-linux-gnu) sha256=9330ced4a976604865c2a76ce158e2bc608fa83999552e85a32ec06f85f427db
  openssl (3.3.0) sha256=ff3a573fc97ab30f69483fddc80029f91669bf36532859bd182d1836f45aee79
  ostruct (0.6.1) sha256=09a3fb7ecc1fa4039f25418cc05ae9c82bd520472c5c6a6f515f03e4988cb817
  parallel (1.26.3) sha256=d86babb7a2b814be9f4b81587bf0b6ce2da7d45969fab24d8ae4bf2bb4d4c7ef
  parser (3.3.7.0) sha256=7449011771e3e7881297859b849de26a6f4fccd515bece9520a87e7d2116119b
  pdf-core (0.9.0) sha256=4f368b2f12b57ec979872d4bf4bd1a67e8648e0c81ab89801431d2fc89f4e0bb
  pdf-inspector (1.3.0) sha256=fc107579d6f29b636e2da3d6743479b2624d9e390bf2d84beef8fd4ebe1a05bd
  pdf-reader (2.13.0) sha256=20a46732ca4ba21ad0a4b76a23a5f6a18575a85fb98027c6b124bcfe32beb2d4
  phony (2.21.1) sha256=709b2efdcf8704a393c3cc4f004904eeeb89bfad5a14becd25d10df664d283a2
  phony_rails (0.15.0) sha256=30b395499f7975daf8554e2b7c19885c039dba6281ffa93715ec01506f1951dc
  postmark (1.25.1) sha256=2ac110fa1b4f85a62996fdc63167922eea1c4284a9a7ceb9e007f2758d9e17be
  postmark-rails (0.22.1) sha256=fcea27dda4f7418123d7723622ec5447df4dacacc10a20a40add0f6789135d8f
  pp (0.6.2) sha256=947ec3120c6f92195f8ee8aa25a7b2c5297bb106d83b41baa02983686577b6ff
  prawn (2.4.0) sha256=82062744f7126c2d77501da253a154271790254dfa8c309b8e52e79bc5de2abd
  prawn-svg (0.36.1) sha256=dda323475efb01f9526d834e0f900b70cc55223e9ccfba5b9d451218444028c1
  prawn-table (0.2.2) sha256=336d46e39e003f77bf973337a958af6a68300b941c85cb22288872dc2b36addb
  premailer (1.27.0) sha256=0fe2348cd82738855c482b31c915a06ecb1d3ad004578c19042905196ddbd1e7
  premailer-rails (1.12.0) sha256=c13815d161b9bc7f7d3d81396b0bb0a61a90fa9bd89931548bf4e537c7710400
  prettyprint (0.2.0) sha256=2bc9e15581a94742064a3cc8b0fb9d45aae3d03a1baa6ef80922627a0766f193
  prism (1.3.0) sha256=b11620829831b1cb7e6c9b46c81ff8a6e36ccb3f888f164485eb7351f386273a
  propshaft (1.1.0) sha256=d389361faf66aeb17e8d204828962c1e506edd14a1a17adb3fa475435c070f6b
  protocol-hpack (1.5.1) sha256=6feca238b8078da1cd295677d6f306c6001af92d75fe0643d33e6956cbc3ad91
  protocol-http (0.48.0) sha256=ef10045266897c33c706d2c13fa7bb2e5abdfa7cbd6f0be278a411b4e6f52d5a
  protocol-http1 (0.29.0) sha256=2cf5c76ed5eb7987c5a596b363c9c957a2188562a13b0992ebb2df3bcf060eb1
  protocol-http2 (0.22.0) sha256=8a3a9473cae9e4ec6a236e9e070f004dde912ed03153d87413a9e2bc74a90513
  psych (5.2.3) sha256=84a54bb952d14604fea22d99938348814678782f58b12648fcdfa4d2fce859ee
  public_suffix (6.0.1) sha256=61d44e1cab5cbbbe5b31068481cf16976dd0dc1b6b07bd95617ef8c5e3e00c6f
  puma (6.5.0) sha256=94d1b75cab7f356d52e4f1b17b9040a090889b341dbeee6ee3703f441dc189f2
  raabro (1.4.0) sha256=d4fa9ff5172391edb92b242eed8be802d1934b1464061ae5e70d80962c5da882
  racc (1.8.1) sha256=4a7f6929691dbec8b5209a0b373bc2614882b55fc5d2e447a21aaa691303d62f
  rack (3.1.8) sha256=d3fbcbca43dc2b43c9c6d7dfbac01667ae58643c42cea10013d0da970218a1b1
  rack-cors (2.0.2) sha256=415d4e1599891760c5dc9ef0349c7fecdf94f7c6a03e75b2e7c2b54b82adda1b
  rack-session (2.1.0) sha256=437c3916535b58ef71c816ce4a2dee0a01c8a52ae6077dc2b6cd19085760a290
  rack-status (1.0.0) sha256=9d4e827e796057c976c031bf9e16702ee97365c82b9fb7dab9163ad0c051aa64
  rack-test (2.2.0) sha256=005a36692c306ac0b4a9350355ee080fd09ddef1148a5f8b2ac636c720f5c463
  rackup (2.2.1) sha256=f737191fd5c5b348b7f0a4412a3b86383f88c43e13b8217b63d4c8d90b9e798d
  rails (8.0.1) sha256=c86f4cd7834a67c1e5d04a77d35c88a5f56a20e2022ec416fa52c1af2cdc9491
  rails-dom-testing (2.2.0) sha256=e515712e48df1f687a1d7c380fd7b07b8558faa26464474da64183a7426fa93b
  rails-html-sanitizer (1.6.2) sha256=35fce2ca8242da8775c83b6ba9c1bcaad6751d9eb73c1abaa8403475ab89a560
  rails-i18n (8.0.1) sha256=15303195450bdac9a80636cf14c7e5ada2f43907cc60fcd19bbb3f81ab45be0d
  rails_icons (1.1.0) sha256=2eb10a7f291531a3feadaf34839e52c56d934765e9ce519cef4709b03a2a46b8
  railties (8.0.1) sha256=8f653c6b1b0721b553045bd0deda1f22074b9ddc2209526e6f7285fcf607ac51
  rainbow (3.1.1) sha256=039491aa3a89f42efa1d6dec2fc4e62ede96eb6acd95e52f1ad581182b79bc6a
  rake (13.2.1) sha256=46cb38dae65d7d74b6020a4ac9d48afed8eb8149c040eccf0523bec91907059d
  ransack (4.2.1) sha256=e0f688c6ef35abe0bad3cf5afc1b050f36a819bdd56eb454c955c63cdd1bef40
  rbs (3.8.1) sha256=2b6ce37952e267e1d3ad330aabfadbdceac234193a60cc18f25a8f75fa949c1d
  rchardet (1.9.0) sha256=26889486cdd83b378652baf7603f71d93e431bb11bc237b4cd8c65151af4a590
  rdoc (6.11.0) sha256=bec66fb9b019be64f7ba7d2cd2aecb283a3a01fef23a95b33e2349c6d1aa0040
  regexp_parser (2.10.0) sha256=cb6f0ddde88772cd64bff1dbbf68df66d376043fe2e66a9ef77fcb1b0c548c61
  reline (0.6.0) sha256=57620375dcbe56ec09bac7192bfb7460c716bbf0054dc94345ecaa5438e539d2
  request_store (1.7.0) sha256=e1b75d5346a315f452242a68c937ef8e48b215b9453a77a6c0acdca2934c88cb
  resolv (0.6.0) sha256=b8b73f7734d4102ef9f75bad281d8fd1c434f8588b6aba17832ddc16fe679fab
  responders (3.1.1) sha256=92f2a87e09028347368639cfb468f5fefa745cb0dc2377ef060db1cdd79a341a
  rexml (3.4.0) sha256=efbea1efba7fa151158e0ee1e643525834da2d8eb4cf744aa68f6480bc9804b2
  rqrcode (2.2.0) sha256=23eea88bb44c7ee6d6cab9354d08c287f7ebcdc6112e1fe7bcc2d010d1ffefc1
  rqrcode_core (1.2.0) sha256=cf4989dc82d24e2877984738c4ee569308625fed2a810960f1b02d68d0308d1a
  rubocop (1.71.0) sha256=e19679efd447346ac476122313d3788ae23c38214790bcf660e984c747608bf0
  rubocop-ast (1.38.0) sha256=4fdf6792fe443a9a18acb12dbc8225d0d64cd1654e41fedb30e79c18edbb26ae
  rubocop-minitest (0.36.0) sha256=1d15850849c685ff4b6d64dd801ec2d13eb2fe56b6f7ce9aab93d1b0508e7b9f
  rubocop-performance (1.23.1) sha256=f22f86a795f5e6a6180aac2c6fc172534b173a068d6ed3396d6460523e051b82
  rubocop-rails (2.29.1) sha256=41c2fcf48d5d62f4a5f574d5f1c97bbaf4cba88ee367936c98b3422d047b17aa
  rubocop-rails-omakase (1.0.0) sha256=26635821283d6a03dc8b68172123716a62db96123eb035f736ebb91283f96418
  rubocop-slim (0.2.8) sha256=6689a0ed3547c3e75ab261c57d56ce51d526313f335602608b540e7d8bc2ab8c
  ruby-lsp (0.23.6) sha256=1ac55a42614e03ca5b4a0314fc399dd3aaa3464c84fb08528fa7bd41d324e7a6
  ruby-lsp-rails (0.3.31) sha256=670aed466e54b5632e4907b8dedb91d8b144917c42513e013d656af175bf8c76
  ruby-progressbar (1.13.0) sha256=80fc9c47a9b640d6834e0dc7b3c94c9df37f08cb072b7761e4a71e22cff29b33
  ruby-rc4 (0.1.5) sha256=00cc40a39d20b53f5459e7ea006a92cf584e9bc275e2a6f7aa1515510e896c03
  ruby-vips (2.2.2) sha256=af5be8e9f2857a98424d7606ecfc2c21c5e107d0802915190dcc093f56e4dd5b
  rubyXL (3.4.33) sha256=dc2732dacf5f963fdd9732eb36b3342cb240414371ed8d9f327f667d2b286d2e
  rubyzip (2.4.1) sha256=8577c88edc1fde8935eb91064c5cb1aef9ad5494b940cf19c775ee833e075615
  securerandom (0.4.1) sha256=cc5193d414a4341b6e225f0cb4446aceca8e50d5e1888743fac16987638ea0b1
  simple_form (5.3.1) sha256=3891a36a89a7f8c69f1361624c5357591578a9e9c318257cd7b9cc7b6ce47460
  simpleidn (0.2.3) sha256=08ce96f03fa1605286be22651ba0fc9c0b2d6272c9b27a260bc88be05b0d2c29
  slim (5.2.1) sha256=72351dff7e2ff20e2d5c393cfc385bb9142cef5db059141628fd7163ac3c13e7
  slimi (0.7.5) sha256=bc68f5958d1c660a71ec13112924836a4cfb9eaf5c0fe1266084126d9d732a13
  solid_queue (1.1.3) sha256=c7b4a84819eca6a61250aa8d7e48b8ded6882026e78ee21d3701d372ca741aa2
  sorbet-runtime (0.5.11784) sha256=c4e2402adb446d1bbb4ad1620797dbca42af7b6d2304263ec2a8be69dbda1f3a
  sqlite3 (2.5.0) sha256=87fa0036e6369c3f3cfeca749865c2b2b63649d3b17b223d1939a8eed4841a6b
  sqlite3 (2.5.0-aarch64-linux-gnu) sha256=302085c3b932c027bc8de9f45fb5d0a3dc502357908dcc8f9bc8a92e4e9c7ab1
  sqlite3 (2.5.0-arm64-darwin) sha256=65370ddbc7bd7e65a03c18f8bf0e9be0f4f3cf50f758f8c1d3181aece5515ecf
  sqlite3 (2.5.0-x86_64-linux-gnu) sha256=c62c8d625da7e2ce93d694f02cd9c9d537638f56b09f2e8f28bea2d030b3923b
  sshkit (1.23.2) sha256=76d7088fddeaf3ac37bad20e7121f7352367cae6bb0cdbc7d7354efc714d213b
  stimulus-rails (1.3.4) sha256=765676ffa1f33af64ce026d26b48e8ffb2e0b94e0f50e9119e11d6107d67cb06
  stringio (3.1.2) sha256=204f1828f85cdb39d57cac4abc6dc44b04505a223f131587f2e20ae3729ba131
  strscan (3.1.2) sha256=5529ff36c95fe752b8489f2e6c7f4f230fd9904e0b24fdc6e0833436c63ee2e3
  tailwindcss-rails (3.3.1) sha256=5dcc010ee90d53a59f40eff1f2706bc0b1d77fd3713a0fb196ff698bc4529dfe
  tailwindcss-ruby (3.4.17) sha256=464fb7cc45f1bd7446af3457a2007651eee07491df9b03ae2f1ac53b5203c427
  tailwindcss-ruby (3.4.17-aarch64-linux) sha256=a013deb088c6f32d62bb17fa804b5599486e60d76dd826d4be7697a92e881284
  tailwindcss-ruby (3.4.17-arm64-darwin) sha256=07d83952b0bd380fd759e7b95ea75ee3babe08425ea290d078a50cb592791658
  tailwindcss-ruby (3.4.17-x86_64-linux) sha256=5c607785d4d38d3d70f5ee5cb6a0e846fa1de32f911a7dcaca9cb94feaa864ff
  temple (0.10.3) sha256=df3145fe6577af1e25387eb7f7122d32ed51bdb6f2e7bb0f4fbf07b66151913b
  terminal-table (4.0.0) sha256=f504793203f8251b2ea7c7068333053f0beeea26093ec9962e62ea79f94301d2
  thor (1.3.2) sha256=eef0293b9e24158ccad7ab383ae83534b7ad4ed99c09f96f1a6b036550abbeda
  thruster (0.1.10) sha256=80cbeaa660312e24c779048e2c4a73d973a4a99b4252492f0649fbfb63e2efa6
  thruster (0.1.10-aarch64-linux) sha256=70f446efa6d3b4839a18773de032aed8a43e4856bbc1c043ef396e4ccb1524e6
  thruster (0.1.10-arm64-darwin) sha256=6327cf0a923b0738900d4c1443eef40a0c6332a06fe92d8b8c9c18fb5258c7f0
  thruster (0.1.10-x86_64-linux) sha256=706788dd54c1495aff4e9874973f50a0dfca53620038e1dd27b70cc9eee2a0d8
  tilt (2.6.0) sha256=263d748466e0d83e510aa1a2e2281eff547937f0ef06be33d3632721e255f76b
  timeout (0.4.3) sha256=9509f079b2b55fe4236d79633bd75e34c1c1e7e3fb4b56cb5fda61f80a0fe30e
  tod (3.1.2) sha256=e67bf57dc67c8ec806edf0b61e6e499b27eea4e1eb23da1907ec77d45226fb08
  traces (0.14.1) sha256=13bcb62820d597be103eaf71ee6fa2714bd214d36fe3c77cb4dd8de1deeaabff
  truemail (3.3.1) sha256=26e07453e8a174ac487ec76cbca4904446eadad15fb7b26fb1ffcdc894488913
  ttfunk (1.7.0) sha256=2370ba484b1891c70bdcafd3448cfd82a32dd794802d81d720a64c15d3ef2a96
  turbo-rails (2.0.11) sha256=fc47674736372780abd2a4dc0d84bef242f5ca156a457cd7fa6308291e397fcf
  tzinfo (2.0.6) sha256=8daf828cc77bcf7d63b0e3bdb6caa47e2272dcfaf4fbfe46f8c3a9df087a829b
  unaccent (0.4.0) sha256=d9278230016edc5317c053f8e84c1e1dea6827dec028e5481e2294a4e11e7333
  unicode-display_width (3.1.4) sha256=8caf2af1c0f2f07ec89ef9e18c7d88c2790e217c482bfc78aaa65eadd5415ac1
  unicode-emoji (4.0.4) sha256=2c2c4ef7f353e5809497126285a50b23056cc6e61b64433764a35eff6c36532a
  uri (1.0.2) sha256=b303504ceb7e5905771fa7fa14b649652fa949df18b5880d69cfb12494791e27
  user_agent_parser (2.18.0) sha256=aa943b91da8906cace7d3fe16b450c9d77b68f571485c11e577af97aecb25584
  useragent (0.16.11) sha256=700e6413ad4bb954bb63547fa098dddf7b0ebe75b40cc6f93b8d54255b173844
  web-console (4.2.1) sha256=e7bcf37a10ea2b4ec4281649d1cee461b32232d0a447e82c786e6841fd22fe20
  websocket-driver (0.7.7) sha256=056d99f2cd545712cfb1291650fde7478e4f2661dc1db6a0fa3b966231a146b4
  websocket-extensions (0.1.5) sha256=1c6ba63092cda343eb53fc657110c71c754c56484aad42578495227d717a8241
  xpath (3.2.0) sha256=6dfda79d91bb3b949b947ecc5919f042ef2f399b904013eb3ef6d20dd3a4082e
  zeitwerk (2.7.1) sha256=0945986050e4907140895378e74df1fe882a2271ed087cc6c6d6b00d415a2756

BUNDLED WITH
   2.6.3
